PATH
  remote: .
  specs:
    cg-scout (0.1.0)
      methadone (~> 2.0.2)

GEM
  remote: https://rubygems.org/
  specs:
    methadone (2.0.2)
      bundler
    power_assert (1.1.3)
    rake (13.0.1)
    rdoc (6.1.1)
    test-unit (3.3.0)
      power_assert

PLATFORMS
  ruby

DEPENDENCIES
  bundler (~> 1.17)
  cg-scout!
  rake (~> 13.0)
  rdoc
  test-unit

BUNDLED WITH
   1.17.2
